GEM
  remote: http://rubygems.org/
  specs:
    active_support (3.0.0)
      activesupport (= 3.0.0)
    activesupport (3.0.0)
    shoulda (2.11.3)
    test-unit (2.4.0)

PLATFORMS
  ruby

DEPENDENCIES
  active_support
  shoulda
  test-unit
